GEM
  remote: http://rubygems.org/
  specs:
    activesupport (3.0.7)
    i18n (0.6.0)
    money (3.6.1)
      i18n (~> 0.4)

PLATFORMS
  ruby

DEPENDENCIES
  activesupport
  money
